PATH
  remote: .
  specs:
    redis-cluster (1.2.0)
      redis (~> 3.0)

GEM
  remote: https://rubygems.org/
  specs:
    ast (2.4.0)
    codecov (0.1.8)
      json
      simplecov
      url
    coderay (1.1.1)
    diff-lcs (1.2.5)
    docile (1.1.5)
    jaro_winkler (1.4.0)
    json (2.0.1)
    method_source (0.8.2)
    parallel (1.12.1)
    parser (2.5.1.0)
      ast (~> 2.4.0)
    powerpack (0.1.1)
    pry (0.10.4)
      coderay (~> 1.1.0)
      method_source (~> 0.8.1)
      slop (~> 3.4)
    rainbow (3.0.0)
    rake (13.0.1)
    redis (3.3.5)
    rspec (3.5.0)
      rspec-core (~> 3.5.0)
      rspec-expectations (~> 3.5.0)
      rspec-mocks (~> 3.5.0)
    rspec-core (3.5.2)
      rspec-support (~> 3.5.0)
    rspec-expectations (3.5.0)
      diff-lcs (>= 1.2.0, < 2.0)
      rspec-support (~> 3.5.0)
    rspec-mocks (3.5.0)
      diff-lcs (>= 1.2.0, < 2.0)
      rspec-support (~> 3.5.0)
    rspec-support (3.5.0)
    rubocop (0.57.0)
      jaro_winkler (~> 1.4.0)
      parallel (~> 1.10)
      parser (>= 2.5)
      powerpack (~> 0.1)
      rainbow (>= 2.2.2, < 4.0)
      ruby-progressbar (~> 1.7)
      unicode-display_width (~> 1.0, >= 1.0.1)
    ruby-progressbar (1.9.0)
    simplecov (0.12.0)
      docile (~> 1.1.0)
      json (>= 1.8, < 3)
      simplecov-html (~> 0.10.0)
    simplecov-html (0.10.0)
    slop (3.6.0)
    unicode-display_width (1.4.0)
    url (0.3.2)

PLATFORMS
  ruby

DEPENDENCIES
  codecov
  pry
  rake
  redis-cluster!
  rspec
  rubocop
  simplecov

BUNDLED WITH
   1.16.6
